PATH
  remote: ../rydux
  specs:
    rydux (0.9.0)

GEM
  remote: https://rubygems.org/
  specs:
    gosu (0.13.3)
    json (2.1.0)

PLATFORMS
  ruby

DEPENDENCIES
  gosu
  json
  rydux!

BUNDLED WITH
   1.16.2
